GEM
  remote: https://rubygems.org/
  specs:
    coveralls (0.8.21)
      json (>= 1.8, < 3)
      simplecov (~> 0.14.1)
      term-ansicolor (~> 1.3)
      thor (~> 0.19.4)
      tins (~> 1.6)
    docile (1.1.5)
    json (2.1.0)
    rack (1.6.8)
    rack-protection (1.5.3)
      rack
    rake (10.4.2)
    simplecov (0.14.1)
      docile (~> 1.1.0)
      json (>= 1.8, < 3)
      simplecov-html (~> 0.10.0)
    simplecov-html (0.10.1)
    sinatra (1.4.8)
      rack (~> 1.5)
      rack-protection (~> 1.4)
      tilt (>= 1.3, < 3)
    term-ansicolor (1.6.0)
      tins (~> 1.0)
    thor (0.19.4)
    tilt (2.0.7)
    tins (1.14.0)
    ttt_cli (0.2.0)
      ttt_core (~> 0.5.0)
    ttt_core (0.5.0)
    ttt_web (0.4.0)
      sinatra
      ttt_core (~> 0.5.0)

PLATFORMS
  ruby

DEPENDENCIES
  coveralls
  rake
  ttt_cli
  ttt_core
  ttt_web

RUBY VERSION
   ruby 2.2.0p0

BUNDLED WITH
   1.15.1
